GEM
  remote: https://rubygems.org/
  specs:
    ffi (1.10.0)
    ffi-bit_masks (0.1.1)
      ffi (~> 1.0)
    gir_ffi (0.13.1)
      ffi (~> 1.8)
      ffi-bit_masks (~> 0.1.1)
      indentation (~> 0.1.1)
    gir_ffi-gnome_keyring (0.0.10)
      gir_ffi (~> 0.13.0)
    indentation (0.1.1)
    io-console (0.4.7)
    json (2.2.0)

PLATFORMS
  ruby

DEPENDENCIES
  gir_ffi-gnome_keyring
  io-console
  json

BUNDLED WITH
   2.0.1
